GEM
  remote: https://rubygems.org/
  specs:
    diff-lcs (1.2.5)
    mini_portile2 (2.1.0)
    nokogiri (1.6.8.1)
      mini_portile2 (~> 2.1.0)
    rspec (3.5.0)
      rspec-core (~> 3.5.0)
      rspec-expectations (~> 3.5.0)
      rspec-mocks (~> 3.5.0)
    rspec-core (3.5.4)
      rspec-support (~> 3.5.0)
    rspec-expectations (3.5.0)
      diff-lcs (>= 1.2.0, < 2.0)
      rspec-support (~> 3.5.0)
    rspec-mocks (3.5.0)
      diff-lcs (>= 1.2.0, < 2.0)
      rspec-support (~> 3.5.0)
    rspec-support (3.5.0)
    ruby-oci8 (2.2.3)
    ruby-plsql (0.6.0)
    ruby-plsql-spec (0.5.0)
      nokogiri (~> 1.6.0)
      rspec (>= 2.0, < 4.0)
      rspec-support (>= 3.1, < 4.0)
      ruby-plsql (~> 0.5)
      thor (~> 0.19.1)
    thor (0.19.4)

PLATFORMS
  ruby

DEPENDENCIES
  ruby-oci8 (~> 2.2.2)
  ruby-plsql (~> 0.6.0)
  ruby-plsql-spec (~> 0.5.0)

BUNDLED WITH
   1.13.6
